PATH
  remote: ../Viewpoint
  specs:
    viewpoint (1.0.0.beta.1)
      httpclient
      logging
      nokogiri
      rubyntlm (~> 0.3.1)

GEM
  remote: http://rubygems.org/
  specs:
    fattr (2.2.1)
    highline (1.6.19)
    httpclient (2.3.3)
    little-plugger (1.1.3)
    logging (1.8.1)
      little-plugger (>= 1.1.3)
      multi_json (>= 1.3.6)
    multi_json (1.7.5)
    nokogiri (1.5.9)
    options (2.3.0)
      fattr
    progress_bar (1.0.0)
      highline (~> 1.6.1)
      options (~> 2.3.0)
    rubyntlm (0.3.1)

PLATFORMS
  ruby

DEPENDENCIES
  progress_bar
  viewpoint!
